GEM
  remote: https://rubygems.org/
  specs:
    haml (5.1.1)
      temple (>= 0.8.0)
      tilt
    mustermann (1.0.3)
    rack (2.0.7)
    rack-protection (2.0.5)
      rack
    redcarpet (3.3.4)
    sinatra (2.0.5)
      mustermann (~> 1.0)
      rack (~> 2.0)
      rack-protection (= 2.0.5)
      tilt (~> 2.0)
    temple (0.8.1)
    tilt (2.0.9)

PLATFORMS
  ruby

DEPENDENCIES
  haml (~> 5.0, >= 5.0.0)
  redcarpet (~> 3.2)
  sinatra (~> 2.0, >= 2.0.2)

BUNDLED WITH
   1.17.3
